GEM
  remote: http://rubygems.org/
  specs:
    chunky_png (1.2.7)
    compass (0.13.alpha.2)
      chunky_png (~> 1.2)
      listen (~> 0.5.3)
      sass (~> 3.2.0.alpha.93)
    listen (0.5.3)
    sass (3.2.7)

PLATFORMS
  ruby

DEPENDENCIES
  compass (~> 0.13.alpha)
  sass
